GEM
  remote: http://rubygems.org/
  specs:
    addressable (2.3.5)
    crack (0.4.2)
      safe_yaml (~> 1.0.0)
    diff-lcs (1.1.3)
    htmlentities (4.3.1)
    json (1.8.1)
    netrc (0.7.7)
    rake (0.9.2.2)
    rest_client (1.7.2)
      netrc (~> 0.7.7)
    rspec (2.12.0)
      rspec-core (~> 2.12.0)
      rspec-expectations (~> 2.12.0)
      rspec-mocks (~> 2.12.0)
    rspec-core (2.12.2)
    rspec-expectations (2.12.1)
      diff-lcs (~> 1.1.3)
    rspec-mocks (2.12.0)
    safe_yaml (1.0.1)
    vcr (2.3.0)
    webmock (1.8.11)
      addressable (>= 2.2.7)
      crack (>= 0.1.7)

PLATFORMS
  ruby

DEPENDENCIES
  htmlentities
  json
  rake (= 0.9.2.2)
  rest_client
  rspec (= 2.12.0)
  rspec-mocks (= 2.12.0)
  vcr (= 2.3.0)
  webmock (= 1.8.11)
